GEM
  remote: http://rubygems.org/
  specs:
    columnize (0.3.6)
    dalli (2.6.2)
    debugger (1.3.0)
      columnize (>= 0.3.1)
      debugger-linecache (~> 1.1.1)
      debugger-ruby_core_source (~> 1.1.7)
    debugger-linecache (1.1.2)
      debugger-ruby_core_source (>= 1.1.1)
    debugger-ruby_core_source (1.1.7)
    faraday (0.8.4)
      multipart-post (~> 1.1)
    hashie (1.2.0)
    kgio (2.8.0)
    memcachier (0.0.2)
    multi_json (1.5.0)
    multipart-post (1.1.5)
    mustermann (2.0.2)
      ruby2_keywords (~> 0.0.1)
    oauth (0.4.7)
    omniauth (1.1.1)
      hashie (~> 1.2)
      rack
    omniauth-oauth (1.0.1)
      oauth
      omniauth (~> 1.0)
    omniauth-twitter (0.0.14)
      multi_json (~> 1.3)
      omniauth-oauth (~> 1.0)
    rack (2.2.4)
    rack-protection (2.2.3)
      rack
    raindrops (0.10.0)
    ruby2_keywords (0.0.5)
    simple_oauth (0.2.0)
    sinatra (2.2.3)
      mustermann (~> 2.0)
      rack (~> 2.2)
      rack-protection (= 2.2.3)
      tilt (~> 2.0)
    tilt (2.0.11)
    twitter (4.5.0)
      faraday (~> 0.8, < 0.10)
      multi_json (~> 1.0)
      simple_oauth (~> 0.2)
    unicorn (4.5.0)
      kgio (~> 2.6)
      rack
      raindrops (~> 0.7)

PLATFORMS
  ruby

DEPENDENCIES
  dalli
  debugger
  memcachier
  omniauth
  omniauth-twitter
  sinatra
  twitter
  unicorn
